GEM
  remote: http://rubygems.org/
  specs:
    activesupport (3.2.8)
      i18n (~> 0.6)
      multi_json (~> 1.0)
    i18n (0.6.1)
    json (1.7.5)
    multi_json (1.3.6)

PLATFORMS
  ruby

DEPENDENCIES
  activesupport
  json
